GIT
  remote: git://github.com/gmanley/mongoid.git
  revision: 36884d87fc6b79c7c442bcad8314060d21e799fe
  specs:
    mongoid (2.0.1)
      activemodel (~> 3.0)
      mongo (~> 1.3)
      tzinfo (~> 0.3.22)
      will_paginate (~> 3.0.pre)

GIT
  remote: git://github.com/nmerouze/machinist_mongo.git
  revision: fa4819c4e1233a4e3ce527b68af8aeee85dfc6c3
  branch: machinist2
  specs:
    machinist_mongo (2.0.0.beta.1)
      machinist (~> 2.0.0.beta2)

GIT
  remote: git://github.com/sinatra/sinatra-contrib.git
  revision: 0399dbfc688e2a8d8b70ea049d1cacb8783142ab
  specs:
    sinatra-contrib (1.3.1)
      backports (>= 2.0)
      eventmachine
      rack-protection
      rack-test
      sinatra (~> 1.3.0)
      tilt (~> 1.3)

GIT
  remote: git://github.com/sinatra/sinatra.git
  revision: 112da9d4ffc8b8f9ef490ba0afd0b063940fe71a
  specs:
    sinatra (1.3.1)
      rack (~> 1.3, >= 1.3.4)
      rack-protection (~> 1.1, >= 1.1.2)
      tilt (~> 1.3, >= 1.3.3)

GEM
  remote: http://rubygems.org/
  specs:
    POpen4 (0.1.4)
      Platform (>= 0.4.0)
      open4
    Platform (0.4.0)
    activemodel (3.1.1)
      activesupport (= 3.1.1)
      builder (~> 3.0.0)
      i18n (~> 0.6)
    activesupport (3.1.1)
      multi_json (~> 1.0)
    addressable (2.2.6)
    backports (2.3.0)
    bson (1.3.1)
    bson_ext (1.3.1)
    builder (3.0.0)
    capybara (1.1.1)
      mime-types (>= 1.16)
      nokogiri (>= 1.3.3)
      rack (>= 1.0.0)
      rack-test (>= 0.5.4)
      selenium-webdriver (~> 2.0)
      xpath (~> 0.1.4)
    childprocess (0.2.2)
      ffi (~> 1.0.6)
    daemons (1.1.4)
    diff-lcs (1.1.3)
    em-hiredis (0.1.0)
      hiredis (~> 0.3.0)
    em-http-request (0.3.0)
      addressable (>= 2.0.0)
      escape_utils
      eventmachine (>= 0.12.9)
    escape_utils (0.2.4)
    eventmachine (0.12.10)
    faker (1.0.1)
      i18n (~> 0.4)
    faye (0.6.7)
      em-hiredis (>= 0.0.1)
      em-http-request (~> 0.3)
      eventmachine (~> 0.12.0)
      json (>= 1.0)
      rack (>= 1.0)
      thin (~> 1.2)
    ffi (1.0.9)
    git (1.2.5)
    haml (3.1.3)
    heroku (2.11.0)
      launchy (>= 0.3.2)
      rest-client (~> 1.6.1)
      rubyzip
      term-ansicolor (~> 1.0.5)
    hiredis (0.3.2)
    i18n (0.6.0)
    jar_wrapper (0.1.2)
      jeweler
      jeweler
      zip
      zip
    jeweler (1.6.4)
      bundler (~> 1.0)
      git (>= 1.2.5)
      rake
    json (1.6.1)
    json_pure (1.6.1)
    launchy (2.0.5)
      addressable (~> 2.2.6)
    machinist (2.0.0.beta2)
    mime-types (1.17.2)
    mongo (1.3.1)
      bson (>= 1.3.1)
    mongoid_slug (0.8.3)
      mongoid (~> 2.0)
      stringex (~> 1.3)
    multi_json (1.0.3)
    nokogiri (1.5.0)
    open4 (1.2.0)
    rack (1.3.5)
    rack-flash (0.1.2)
      rack
    rack-protection (1.1.4)
      rack
    rack-test (0.6.1)
      rack (>= 1.0)
    rake (0.9.2.2)
    rest-client (1.6.7)
      mime-types (>= 1.16)
    rspec (2.7.0)
      rspec-core (~> 2.7.0)
      rspec-expectations (~> 2.7.0)
      rspec-mocks (~> 2.7.0)
    rspec-core (2.7.1)
    rspec-expectations (2.7.0)
      diff-lcs (~> 1.1.2)
    rspec-mocks (2.7.0)
    rubyzip (0.9.4)
    selenium (0.2.1)
      jar_wrapper
      jar_wrapper
      jeweler
      jeweler
    selenium-webdriver (2.10.0)
      childprocess (>= 0.2.1)
      ffi (= 1.0.9)
      json_pure
      rubyzip
    sham (1.0.1)
    stringex (1.3.0)
    term-ansicolor (1.0.7)
    thin (1.2.11)
      daemons (>= 1.0.9)
      eventmachine (>= 0.12.6)
      rack (>= 1.0.0)
    tilt (1.3.3)
    tzinfo (0.3.30)
    will_paginate (3.0.2)
    xpath (0.1.4)
      nokogiri (~> 1.3)
    yui-compressor (0.9.6)
      POpen4 (>= 0.1.4)
    zip (2.0.2)

PLATFORMS
  ruby

DEPENDENCIES
  bson_ext
  capybara
  faker
  faye
  haml
  heroku
  json
  launchy
  machinist (= 2.0.0.beta2)
  machinist_mongo!
  mongoid!
  mongoid_slug
  rack-flash
  rack-test
  rake
  rspec
  selenium
  sham
  sinatra!
  sinatra-contrib!
  thin
  yui-compressor
